GEM
  remote: http://rubygems.org/
  specs:
    git (1.2.5)
    haml (3.1.7)
    hot_bunnies (1.3.8-java)
    jeweler (1.8.4)
      bundler (~> 1.0)
      git (>= 1.2.5)
      rake
      rdoc
    jretlang (0.3.0)
    json (1.7.5)
    json (1.7.5-java)
    mailbox (0.2.7)
      jretlang
    mostash (0.1.1)
    rack (1.4.1)
    rack-protection (1.2.0)
      rack
    rake (0.9.2.2)
    rdoc (3.12)
      json (~> 1.4)
    sinatra (1.3.3)
      rack (~> 1.3, >= 1.3.6)
      rack-protection (~> 1.2)
      tilt (~> 1.3, >= 1.3.3)
    tilt (1.3.3)

PLATFORMS
  java

DEPENDENCIES
  bundler
  haml
  hot_bunnies
  jeweler (~> 1.8.4)
  mailbox
  mostash
  rdoc (~> 3.12)
  sinatra
