GEM
  remote: http://rubygems.org/
  specs:
    git (1.2.5)
    hot_bunnies (1.3.8-java)
    jeweler (1.8.4)
      bundler (~> 1.0)
      git (>= 1.2.5)
      rake
      rdoc
    jretlang (0.3.0)
    json (1.7.5-java)
    mailbox (0.2.7)
      jretlang
    mostash (0.1.1)
    rake (0.9.2.2)
    rdoc (3.12)
      json (~> 1.4)

PLATFORMS
  java

DEPENDENCIES
  bundler
  hot_bunnies
  jeweler (~> 1.8.4)
  mailbox
  mostash
  rdoc (~> 3.12)
